GEM
  remote: http://rubygems.org/
  specs:
    atk (1.1.5)
      glib2 (>= 1.1.5)
    cairo (1.12.2)
      pkg-config
    gdk_pixbuf2 (1.1.5)
      glib2 (>= 1.1.5)
    glib2 (1.1.5)
      pkg-config
    green_shoes (1.1.367)
      gtk2
    gtk2 (1.1.5)
      atk (>= 1.1.5)
      gdk_pixbuf2 (>= 1.1.5)
      pango (>= 1.1.5)
    highline (1.6.15)
    httparty (0.9.0)
      multi_json (~> 1.0)
      multi_xml
    multi_json (1.3.7)
    multi_xml (0.5.1)
    mysql2 (0.3.11)
    pango (1.1.5)
      cairo (>= 1.10.0)
      glib2 (>= 1.1.5)
    pkg-config (1.1.4)

PLATFORMS
  ruby

DEPENDENCIES
  green_shoes
  highline
  httparty
  mysql2
